GEM
  remote: https://rubygems.org/
  specs:
    artii (2.0.4)
    asciiart (0.0.7)
      rainbow
      rmagick
    rainbow (2.0.0)
    rake (10.1.1)
    redcarpet (3.2.3)
    rmagick (2.13.2)

PLATFORMS
  ruby

DEPENDENCIES
  artii (~> 2.0.4)
  asciiart (~> 0.0.7)
  rake
  redcarpet (~> 3.2.3)

BUNDLED WITH
   1.16.1
